PATH
  remote: .
  specs:
    cdn (0.1.4)
      aws_cf_signer (~> 0.1)
      erubis

GEM
  remote: https://rubygems.org/
  specs:
    aws_cf_signer (0.1.3)
    diff-lcs (1.3)
    erubis (2.7.0)
    rake (11.1.2)
    rspec (3.6.0)
      rspec-core (~> 3.6.0)
      rspec-expectations (~> 3.6.0)
      rspec-mocks (~> 3.6.0)
    rspec-core (3.6.0)
      rspec-support (~> 3.6.0)
    rspec-expectations (3.6.0)
      diff-lcs (>= 1.2.0, < 2.0)
      rspec-support (~> 3.6.0)
    rspec-mocks (3.6.0)
      diff-lcs (>= 1.2.0, < 2.0)
      rspec-support (~> 3.6.0)
    rspec-support (3.6.0)
    timecop (0.6.1)
    yard (0.9.9)

PLATFORMS
  ruby

DEPENDENCIES
  cdn!
  rake
  rspec (~> 3.5)
  timecop
  yard

BUNDLED WITH
   1.15.3
