GEM
  remote: https://rubygems.org/
  specs:
    activesupport (4.0.0)
      i18n (~> 0.6, >= 0.6.4)
      minitest (~> 4.2)
      multi_json (~> 1.3)
      thread_safe (~> 0.1)
      tzinfo (~> 0.3.37)
    atomic (1.1.10)
    aws_cf_signer (0.1.1)
    i18n (0.6.4)
    minitest (4.7.5)
    multi_json (1.7.7)
    rake (11.1.2)
    rspec-core (3.4.4)
      rspec-support (~> 3.4.0)
    rspec-support (3.4.1)
    thread_safe (0.1.0)
      atomic
    timecop (0.6.1)
    tzinfo (0.3.37)

PLATFORMS
  ruby

DEPENDENCIES
  activesupport
  aws_cf_signer
  rake
  rspec-core
  timecop

BUNDLED WITH
   1.10.5
