PATH
  remote: .
  specs:
    cdn (0.1.5)
      aws_cf_signer (~> 0.1)
      erubis

GEM
  remote: https://rubygems.org/
  specs:
    aws_cf_signer (0.1.3)
    builder (3.2.3)
    diff-lcs (1.3)
    erubis (2.7.0)
    faraday (0.13.1)
      multipart-post (>= 1.2, < 3)
    geminabox (0.13.5)
      builder
      faraday
      httpclient (>= 2.2.7)
      nesty
      sinatra (>= 1.2.7)
    httpclient (2.8.3)
    multipart-post (2.0.0)
    mustermann (1.0.1)
    nesty (1.0.2)
    rack (2.0.3)
    rack-protection (2.0.0)
      rack
    rake (11.1.2)
    rspec (3.6.0)
      rspec-core (~> 3.6.0)
      rspec-expectations (~> 3.6.0)
      rspec-mocks (~> 3.6.0)
    rspec-core (3.6.0)
      rspec-support (~> 3.6.0)
    rspec-expectations (3.6.0)
      diff-lcs (>= 1.2.0, < 2.0)
      rspec-support (~> 3.6.0)
    rspec-mocks (3.6.0)
      diff-lcs (>= 1.2.0, < 2.0)
      rspec-support (~> 3.6.0)
    rspec-support (3.6.0)
    sinatra (2.0.0)
      mustermann (~> 1.0)
      rack (~> 2.0)
      rack-protection (= 2.0.0)
      tilt (~> 2.0)
    tilt (2.0.8)
    timecop (0.6.1)
    yard (0.9.9)

PLATFORMS
  ruby

DEPENDENCIES
  bundler (~> 1.7)
  cdn!
  geminabox
  rake
  rspec (~> 3.5)
  timecop
  yard

BUNDLED WITH
   1.15.3
